PATH
  remote: .
  specs:
    carrierwave-docsplit (0.0.1)
      carrierwave
      docsplit

GEM
  remote: http://rubygems.org/
  specs:
    activemodel (3.2.2)
      activesupport (= 3.2.2)
      builder (~> 3.0.0)
    activesupport (3.2.2)
      i18n (~> 0.6)
      multi_json (~> 1.0)
    ansi (1.4.2)
    builder (3.0.0)
    carrierwave (0.6.0)
      activemodel (>= 3.2.0)
      activesupport (>= 3.2.0)
    docsplit (0.6.3)
    i18n (0.6.0)
    multi_json (1.2.0)
    turn (0.9.4)
      ansi

PLATFORMS
  ruby

DEPENDENCIES
  carrierwave-docsplit!
  turn
